PATH
  remote: .
  specs:
    radius_client (0.1.0)
      ipaddr_extensions (= 1.0.2)

GEM
  remote: https://rubygems.org/
  specs:
    ansi (1.5.0)
    builder (3.2.2)
    coderay (1.1.1)
    docile (1.1.5)
    ipaddr_extensions (1.0.2)
    json (1.8.3)
    method_source (0.8.2)
    minitest (5.9.0)
    minitest-reporters (1.1.9)
      ansi
      builder
      minitest (>= 5.0)
      ruby-progressbar
    pry (0.10.3)
      coderay (~> 1.1.0)
      method_source (~> 0.8.1)
      slop (~> 3.4)
    rake (10.5.0)
    ruby-progressbar (1.8.1)
    simplecov (0.11.2)
      docile (~> 1.1.0)
      json (~> 1.8)
      simplecov-html (~> 0.10.0)
    simplecov-html (0.10.0)
    slop (3.6.0)

PLATFORMS
  ruby

DEPENDENCIES
  bundler (~> 1.10)
  minitest
  minitest-reporters (= 1.1.9)
  pry
  radius_client!
  rake (~> 10.0)
  simplecov (~> 0.11.2)

BUNDLED WITH
   1.11.2
